GIT
  remote: https://github.com/martin-naumann/geckoboard-push.git
  revision: a30dc2b802aef569ebbe86887bd9ef0e3d95f22d
  branch: geckometer
  specs:
    geckoboard-push (0.1.1b)
      httparty (~> 0.8.1)

GEM
  remote: https://rubygems.org/
  specs:
    bson (1.9.2)
    bson_ext (1.9.2)
      bson (~> 1.9.2)
    httparty (0.8.3)
      multi_json (~> 1.0)
      multi_xml
    mongo (1.9.2)
      bson (~> 1.9.2)
    multi_json (1.8.0)
    multi_xml (0.5.5)
    trollop (2.0)

PLATFORMS
  ruby

DEPENDENCIES
  bson_ext
  geckoboard-push!
  mongo
  trollop
